GEM
  remote: https://rubygems.org/
  specs:
    connection_pool (2.2.3)
    dotenv (2.7.6)
    ed25519 (1.2.4)
    faraday (0.17.3)
      multipart-post (>= 1.2, < 3)
    multipart-post (2.1.1)
    net-http-persistent (3.1.0)
      connection_pool (~> 2.2)
    telnyx (2.2.0)
      ed25519 (~> 1)
      faraday (~> 0.13, != 0.16.2, != 0.16.1, != 0.16.0)
      net-http-persistent (~> 3.0)

PLATFORMS
  ruby

DEPENDENCIES
  dotenv
  telnyx

BUNDLED WITH
   2.1.4
