GEM
  remote: https://rubygems.org/
  specs:
    connection_pool (2.2.5)
    daemons (1.4.0)
    dotenv (2.7.6)
    ed25519 (1.2.4)
    eventmachine (1.2.7)
    faraday (1.4.2)
      faraday-em_http (~> 1.0)
      faraday-em_synchrony (~> 1.0)
      faraday-excon (~> 1.1)
      faraday-net_http (~> 1.0)
      faraday-net_http_persistent (~> 1.1)
      multipart-post (>= 1.2, < 3)
      ruby2_keywords (>= 0.0.4)
    faraday-em_http (1.0.0)
    faraday-em_synchrony (1.0.0)
    faraday-excon (1.1.0)
    faraday-net_http (1.0.1)
    faraday-net_http_persistent (1.1.0)
    multipart-post (2.1.1)
    mustermann (1.1.1)
      ruby2_keywords (~> 0.0.1)
    net-http-persistent (4.0.1)
      connection_pool (~> 2.2)
    rack (2.2.3)
    rack-protection (2.1.0)
      rack
    ruby2_keywords (0.0.4)
    sinatra (2.1.0)
      mustermann (~> 1.0)
      rack (~> 2.2)
      rack-protection (= 2.1.0)
      tilt (~> 2.0)
    telnyx (2.6.0)
      ed25519 (~> 1)
      faraday (>= 0.13, < 2.0, != 0.17.1, != 0.16.2, != 0.16.1, != 0.16.0)
      net-http-persistent (>= 3.0, < 5.0)
    thin (1.8.1)
      daemons (~> 1.0, >= 1.0.9)
      eventmachine (~> 1.0, >= 1.0.4)
      rack (>= 1, < 3)
    tilt (2.0.10)

PLATFORMS
  arm64-darwin-20

DEPENDENCIES
  dotenv
  sinatra
  telnyx
  thin

RUBY VERSION
   ruby 3.0.1p64

BUNDLED WITH
   2.2.15
