GEM
  remote: https://rubygems.org/
  specs:
    connection_pool (2.2.5)
    dotenv (2.7.6)
    ed25519 (1.2.4)
    faraday (1.4.1)
      faraday-excon (~> 1.1)
      faraday-net_http (~> 1.0)
      faraday-net_http_persistent (~> 1.1)
      multipart-post (>= 1.2, < 3)
      ruby2_keywords (>= 0.0.4)
    faraday-excon (1.1.0)
    faraday-net_http (1.0.1)
    faraday-net_http_persistent (1.1.0)
    multi_json (1.15.0)
    multipart-post (2.1.1)
    mustermann (1.1.1)
      ruby2_keywords (~> 0.0.1)
    net-http-persistent (4.0.1)
      connection_pool (~> 2.2)
    rack (2.2.3)
    rack-protection (2.1.0)
      rack
    ruby2_keywords (0.0.4)
    sinatra (2.1.0)
      mustermann (~> 1.0)
      rack (~> 2.2)
      rack-protection (= 2.1.0)
      tilt (~> 2.0)
    sinatra-contrib (2.1.0)
      multi_json
      mustermann (~> 1.0)
      rack-protection (= 2.1.0)
      sinatra (= 2.1.0)
      tilt (~> 2.0)
    telnyx (2.6.0)
      ed25519 (~> 1)
      faraday (>= 0.13, < 2.0, != 0.17.1, != 0.16.2, != 0.16.1, != 0.16.0)
      net-http-persistent (>= 3.0, < 5.0)
    tilt (2.0.10)

PLATFORMS
  x86_64-darwin-20

DEPENDENCIES
  dotenv
  sinatra
  sinatra-contrib
  telnyx

BUNDLED WITH
   2.2.16
